GEM
  remote: https://rubygems.org/
  specs:
    faraday (0.9.2)
      multipart-post (>= 1.2, < 3)
    faraday_middleware (0.10.0)
      faraday (>= 0.7.4, < 0.10)
    multipart-post (2.0.0)
    parse-ruby-client (0.3.0)
      faraday
      faraday_middleware

PLATFORMS
  ruby

DEPENDENCIES
  parse-ruby-client
